GEM
  remote: https://rubygems.org/
  specs:
    builder (3.0.0)
    cocaine (0.2.0)
    excon (0.6.6)
    fog (0.10.0)
      builder
      excon (~> 0.6.5)
      formatador (~> 0.2.0)
      mime-types
      multi_json (~> 1.0.3)
      net-scp (~> 1.0.4)
      net-ssh (~> 2.1.4)
      nokogiri (~> 1.5.11)
      ruby-hmac
    formatador (0.2.1)
    mime-types (1.17.2)
    multi_json (1.0.4)
    net-scp (1.0.4)
      net-ssh (>= 1.99.1)
    net-ssh (2.1.4)
    nokogiri (1.5.11)
    ruby-hmac (0.4.0)
    thor (0.14.6)

PLATFORMS
  ruby

DEPENDENCIES
  cocaine
  fog (~> 0.10.0)
  nokogiri (~> 1.5.11)
  thor

BUNDLED WITH
   1.11.2
